GEM
  remote: https://rubygems.org/
  specs:
    base64 (0.3.0)
    digest (3.2.0)
    openssl (3.3.0)
    optparse (0.6.0)
    securerandom (0.4.1)

PLATFORMS
  x64-mingw-ucrt

DEPENDENCIES
  base64
  digest
  openssl
  optparse
  securerandom

BUNDLED WITH
   2.6.9
